GEM
  remote: https://rubygems.org/
  specs:
    minitest (5.15.0)

PLATFORMS
  x86_64-darwin-18

DEPENDENCIES
  minitest

BUNDLED WITH
   2.3.12
